PATH
  remote: .
  specs:
    banana_phone (0.1.3)
      mochilo (>= 0.6)

GEM
  remote: http://rubygems.org/
  specs:
    activesupport (4.0.13)
      i18n (~> 0.6, >= 0.6.9)
      minitest (~> 4.2)
      multi_json (~> 1.3)
      thread_safe (~> 0.1)
      tzinfo (~> 0.3.37)
    bourne (1.1.2)
      mocha (= 0.10.5)
    concurrent-ruby (1.1.5)
    i18n (0.9.5)
      concurrent-ruby (~> 1.0)
    metaclass (0.0.1)
    minitest (4.5.0)
    minitest_should (0.3.1)
    mocha (0.10.5)
      metaclass (~> 0.0.1)
    mochilo (2.0)
    multi_json (1.13.1)
    rake (10.0.3)
    shoulda (3.3.2)
      shoulda-context (~> 1.0.1)
      shoulda-matchers (~> 1.4.1)
    shoulda-context (1.0.2)
    shoulda-matchers (1.4.2)
      activesupport (>= 3.0.0)
      bourne (~> 1.1.2)
    thread_safe (0.3.6)
    tzinfo (0.3.55)

PLATFORMS
  ruby

DEPENDENCIES
  banana_phone!
  minitest
  minitest_should
  rake
  shoulda
